PATH
  remote: .
  specs:
    siriproxy-xbmc (0.0.1)
      jimson (= 0.9.1)

GEM
  remote: http://rubygems.org/
  specs:
    blankslate (3.1.2)
    jimson (0.9.1)
      blankslate (>= 2.1.2.3)
      multi_json (~> 1.1.0)
      rack (>= 1.3)
      rest-client (>= 1.6.3)
    mime-types (1.19)
    multi_json (1.1.0)
    rack (1.4.1)
    rest-client (1.6.7)
      mime-types (>= 1.16)

PLATFORMS
  ruby

DEPENDENCIES
  siriproxy-xbmc!
